GEM
  remote: http://rubygems.org/
  specs:
    appium_lib_core (3.10.1)
      faye-websocket (~> 0.10.0)
      selenium-webdriver (~> 3.14, >= 3.14.1)
    backports (3.18.1)
    builder (3.2.4)
    childprocess (3.0.0)
    cucumber (3.1.2)
      builder (>= 2.1.2)
      cucumber-core (~> 3.2.0)
      cucumber-expressions (~> 6.0.1)
      cucumber-wire (~> 0.0.1)
      diff-lcs (~> 1.3)
      gherkin (~> 5.1.0)
      multi_json (>= 1.7.5, < 2.0)
      multi_test (>= 0.1.2)
    cucumber-core (3.2.1)
      backports (>= 3.8.0)
      cucumber-tag_expressions (~> 1.1.0)
      gherkin (~> 5.0)
    cucumber-expressions (6.0.1)
    cucumber-tag_expressions (1.1.1)
    cucumber-wire (0.0.1)
    diff-lcs (1.4.4)
    eventmachine (1.2.7)
    faye-websocket (0.10.9)
      eventmachine (>= 0.12.0)
      websocket-driver (>= 0.5.1)
    gherkin (5.1.0)
    httparty (0.13.7)
      json (~> 1.8)
      multi_xml (>= 0.5.2)
    itms_automation (2.6.1)
      appium_lib_core (~> 3.10.1, >= 3.10.1)
      cucumber (~> 3.1.2, >= 3.1.2)
      httparty (~> 0.13.7, >= 0.13.7)
      report_builder (~> 1.8, >= 1.8)
      selenium-webdriver (~> 3.14, >= 3.14.1)
    json (1.8.6)
    multi_json (1.14.1)
    multi_test (0.1.2)
    multi_xml (0.6.0)
    report_builder (1.8)
      json (>= 1.8.1)
    rubyzip (2.3.0)
    selenium-webdriver (3.142.7)
      childprocess (>= 0.5, < 4.0)
      rubyzip (>= 1.2.2)
    websocket-driver (0.7.2)
      websocket-extensions (>= 0.1.0)
    websocket-extensions (0.1.5)

PLATFORMS
  ruby

DEPENDENCIES
  itms_automation
  report_builder

BUNDLED WITH
   2.0.2
